GEM
  remote: http://rubygems.org/
  specs:
    addressable (2.3.2)
    builder (3.1.4)
    childprocess (0.3.6)
      ffi (~> 1.0, >= 1.0.6)
    chromedriver-helper (0.0.5)
      nokogiri
    columnize (0.3.6)
    cucumber (1.2.1)
      builder (>= 2.1.2)
      diff-lcs (>= 1.1.3)
      gherkin (~> 2.11.0)
      json (>= 1.4.6)
    debugger (1.2.3)
      columnize (>= 0.3.1)
      debugger-linecache (~> 1.1.1)
      debugger-ruby_core_source (~> 1.1.5)
    debugger-linecache (1.1.2)
      debugger-ruby_core_source (>= 1.1.1)
    debugger-ruby_core_source (1.1.6)
    diff-lcs (1.1.3)
    diffy (2.1.3)
    ffi (1.2.0)
    gherkin (2.11.5)
      json (>= 1.4.6)
    headless (0.3.1)
    httparty (0.9.0)
      multi_json (~> 1.0)
      multi_xml
    json (1.7.6)
    libwebsocket (0.1.7.1)
      addressable
      websocket
    multi_json (1.5.0)
    multi_xml (0.5.1)
    net-http-persistent (2.8)
    net-sftp (2.0.5)
      net-ssh (>= 2.0.9)
    net-ssh (2.6.2)
    nokogiri (1.5.6)
    page-object (0.8.1)
      selenium-webdriver (>= 2.27.2)
      watir-webdriver (>= 0.6.2)
    rake (10.0.3)
    rspec (2.12.0)
      rspec-core (~> 2.12.0)
      rspec-expectations (~> 2.12.0)
      rspec-mocks (~> 2.12.0)
    rspec-core (2.12.2)
    rspec-expectations (2.12.1)
      diff-lcs (~> 1.1.3)
    rspec-mocks (2.12.1)
    rubyzip (0.9.9)
    selenium-webdriver (2.27.2)
      childprocess (>= 0.2.5)
      libwebsocket (~> 0.1.3)
      multi_json (~> 1.0)
      rubyzip
    unicode_utils (1.4.0)
    watir-webdriver (0.6.2)
      selenium-webdriver (>= 2.18.0)
    watir-webdriver-performance (0.2.2)
      watir-webdriver
    websocket (1.0.6)

PLATFORMS
  ruby

DEPENDENCIES
  chromedriver-helper
  cucumber
  debugger
  diffy
  headless
  httparty
  json
  multi_json
  net-http-persistent
  net-sftp
  net-ssh
  nokogiri
  page-object
  rake
  rspec
  unicode_utils
  watir-webdriver
  watir-webdriver-performance
